GEM
  remote: https://rubygems.org/
  specs:
    bcrypt (3.1.12)
    byebug (11.0.1)
    ffi (1.10.0)
    listen (3.1.5)
      rb-fsevent (~> 0.9, >= 0.9.4)
      rb-inotify (~> 0.9, >= 0.9.7)
      ruby_dep (~> 1.2)
    mail (2.7.1)
      mini_mime (>= 0.1.1)
    mini_mime (1.0.1)
    pg (1.1.4)
    pony (1.13)
      mail (>= 2.0)
    rack (1.6.11)
    rack-protection (1.5.5)
      rack
    rack-test (1.1.0)
      rack (>= 1.0, < 3)
    racksh (1.0.0)
      rack (>= 1.0)
      rack-test (>= 0.5)
    rb-fsevent (0.10.3)
    rb-inotify (0.10.0)
      ffi (~> 1.0)
    rerun (0.13.0)
      listen (~> 3.0)
    ruby_dep (1.5.0)
    sass (3.7.3)
      sass-listen (~> 4.0.0)
    sass-listen (4.0.0)
      rb-fsevent (~> 0.9, >= 0.9.4)
      rb-inotify (~> 0.9, >= 0.9.7)
    sequel (5.19.0)
    sinatra (1.4.8)
      rack (~> 1.5)
      rack-protection (~> 1.4)
      tilt (>= 1.3, < 3)
    sinatra-partial (1.0.1)
      sinatra (>= 1.4)
    slim (3.0.9)
      temple (>= 0.7.6, < 0.9)
      tilt (>= 1.3.3, < 2.1)
    temple (0.8.1)
    tilt (1.4.1)
    yard (0.9.19)
    yard-sinatra (1.0.0)
      yard (~> 0.7)

PLATFORMS
  ruby

DEPENDENCIES
  bcrypt
  byebug
  pg
  pony
  racksh
  rerun
  sass
  sequel
  sinatra
  sinatra-partial
  slim
  tilt (~> 1.4.1)
  yard-sinatra

RUBY VERSION
   ruby 2.6.0p0

BUNDLED WITH
   2.0.1
